GEM
  remote: https://rubygems.org/
  specs:
    active_paypal_adaptive_payment (0.3.16)
      activemerchant (>= 1.5.1)
      hashie (>= 1.2.0)
      mocha (>= 0.10.0)
      money (>= 3.6.0)
      multi_json (>= 1.0.0)
    activemerchant (1.119.0)
      activesupport (>= 4.2)
      builder (>= 2.1.2, < 4.0.0)
      i18n (>= 0.6.9)
      nokogiri (~> 1.4)
    activesupport (6.1.3)
      concurrent-ruby (~> 1.0, >= 1.0.2)
      i18n (>= 1.6, < 2)
      minitest (>= 5.1)
      tzinfo (~> 2.0)
      zeitwerk (~> 2.3)
    addressable (2.7.0)
      public_suffix (>= 2.0.2, < 5.0)
    ansi (1.5.0)
    ast (2.4.2)
    aws-eventstream (1.1.1)
    aws-partitions (1.431.1)
    aws-sdk-core (3.112.1)
      aws-eventstream (~> 1, >= 1.0.2)
      aws-partitions (~> 1, >= 1.239.0)
      aws-sigv4 (~> 1.1)
      jmespath (~> 1.0)
    aws-sdk-kms (1.42.0)
      aws-sdk-core (~> 3, >= 3.112.0)
      aws-sigv4 (~> 1.1)
    aws-sdk-s3 (1.43.0)
      aws-sdk-core (~> 3, >= 3.56.0)
      aws-sdk-kms (~> 1)
      aws-sigv4 (~> 1.1)
    aws-sdk-sns (1.17.0)
      aws-sdk-core (~> 3, >= 3.56.0)
      aws-sigv4 (~> 1.1)
    aws-sigv4 (1.2.3)
      aws-eventstream (~> 1, >= 1.0.2)
    axiom-types (0.1.1)
      descendants_tracker (~> 0.0.4)
      ice_nine (~> 0.11.0)
      thread_safe (~> 0.3, >= 0.3.1)
    backports (3.15.0)
    backtrace (0.3.0)
    bitcoin-ruby (0.0.19)
      eventmachine
      ffi
      scrypt
    builder (3.2.4)
    codecov (0.2.8)
      json
      simplecov
    coercible (1.0.0)
      descendants_tracker (~> 0.0.1)
    coinbase (4.2.1)
    concurrent-ruby (1.1.5)
    crack (0.4.5)
      rexml
    daemons (1.3.1)
    descendants_tracker (0.0.4)
      thread_safe (~> 0.3, >= 0.3.1)
    differ (0.1.2)
    diffy (3.3.0)
    docile (1.3.5)
    equalizer (0.0.11)
    eslintrb (2.1.0)
      execjs
      multi_json (>= 1.3)
      rake
    ethon (0.12.0)
      ffi (>= 1.3.0)
    eventmachine (1.2.7)
    execjs (2.7.0)
    faraday (0.17.4)
      multipart-post (>= 1.2, < 3)
    faraday_middleware (0.14.0)
      faraday (>= 0.7.4, < 1.0)
    ffi (1.15.0)
    ffi-compiler (1.0.1)
      ffi (>= 1.0.0)
      rake
    futex (0.8.6)
    geoplugin (0.3.1)
      faraday
      ipaddress
      json
    get_process_mem (0.2.7)
      ffi (~> 1.0)
    glogin (0.5.1)
    haml (5.0.4)
      temple (>= 0.8.0)
      tilt
    hashdiff (1.0.1)
    hashie (4.1.0)
    i18n (1.8.9)
      concurrent-ruby (~> 1.0)
    ice_nine (0.11.2)
    ipaddr (1.2.2)
    ipaddress (0.8.3)
    iri (0.5.0)
    jmespath (1.4.0)
    json (2.2.0)
    listen (3.4.1)
      rb-fsevent (~> 0.10, >= 0.10.3)
      rb-inotify (~> 0.9, >= 0.9.10)
    loog (0.2.1)
    memory_profiler (0.9.13)
    mimic (0.4.4)
      json
      plist (~> 3.1.0)
      rack
      sinatra
      thin
    mini_portile2 (2.8.0)
    minitest (5.11.3)
    minitest-reporters (1.3.6)
      ansi
      builder
      minitest (>= 5.0)
      ruby-progressbar
    mocha (1.12.0)
    money (6.14.1)
      i18n (>= 0.6.4, <= 2)
    multi_json (1.15.0)
    multipart-post (2.1.1)
    mustermann (1.1.1)
      ruby2_keywords (~> 0.0.1)
    nokogiri (1.13.6)
      mini_portile2 (~> 2.8.0)
      racc (~> 1.4)
    nokogiri (1.13.6-x86_64-darwin)
      racc (~> 1.4)
    oauth (0.5.5)
    obk (0.1.0)
    octokit (4.14.0)
      sawyer (~> 0.8.0, >= 0.5.3)
    openssl (2.1.2)
      ipaddr
    parallel (1.20.1)
    parser (3.0.0.0)
      ast (~> 2.4.1)
    paypal-sdk-rest (1.7.3)
      multi_json (~> 1.0)
      xml-simple
    pg (1.2.3)
    pgtk (0.7.5)
      backtrace (~> 0.3)
      loog (~> 0.2)
      pg (~> 1.1)
      random-port (~> 0.3)
    plist (3.1.0)
    public_suffix (4.0.6)
    racc (1.6.0)
    rack (2.2.3)
    rack-protection (2.0.5)
      rack
    rack-ssl (1.4.1)
      rack
    rack-test (1.1.0)
      rack (>= 1.0, < 3)
    rack_csrf (2.6.0)
      rack (>= 1.1.0)
    rainbow (3.0.0)
    rake (12.3.3)
    random-port (0.4.1)
    rb-fsevent (0.10.4)
    rb-inotify (0.10.1)
      ffi (~> 1.0)
    regexp_parser (2.1.1)
    rerun (0.13.0)
      listen (~> 3.0)
    retriable (3.1.2)
    retriable_proxy (1.0.2)
      retriable (>= 2.0, < 4.0)
    rexml (3.2.4)
    rubocop (1.5.0)
      parallel (~> 1.10)
      parser (>= 2.7.1.5)
      rainbow (>= 2.2.2, < 4.0)
      regexp_parser (>= 2.0)
      rexml
      rubocop-ast (>= 1.2.0)
      ruby-progressbar (~> 1.7)
      unicode-display_width (>= 1.4.0, < 2.0)
    rubocop-ast (1.4.1)
      parser (>= 2.7.1.5)
    rubocop-minitest (0.10.3)
      rubocop (>= 0.87, < 2.0)
    rubocop-rake (0.5.1)
      rubocop
    rubocop-rspec (1.33.0)
      rubocop (>= 0.60.0)
    ruby-progressbar (1.11.0)
    ruby2_keywords (0.0.4)
    sass (3.7.4)
      sass-listen (~> 4.0.0)
    sass-listen (4.0.0)
      rb-fsevent (~> 0.9, >= 0.9.4)
      rb-inotify (~> 0.9, >= 0.9.7)
    sawyer (0.8.2)
      addressable (>= 2.3.5)
      faraday (> 0.8, < 2.0)
    scrypt (3.0.7)
      ffi-compiler (>= 1.0, < 2.0)
    semantic (1.6.1)
    sentry-raven (2.9.0)
      faraday (>= 0.7.6, < 1.0)
    sibit (0.21.8)
      backtrace (~> 0.3)
      bitcoin-ruby (= 0.0.19)
      iri (~> 0.5)
      json (~> 2)
      retriable_proxy (= 1.0.2)
      slop (~> 4.6)
    simplecov (0.21.2)
      docile (~> 1.1)
      simplecov-html (~> 0.11)
      simplecov_json_formatter (~> 0.1)
    simplecov-html (0.12.3)
    simplecov_json_formatter (0.1.2)
    sinatra (2.0.5)
      mustermann (~> 1.0)
      rack (~> 2.0)
      rack-protection (= 2.0.5)
      tilt (~> 2.0)
    sinatra-contrib (2.0.5)
      backports (>= 2.8.2)
      multi_json
      mustermann (~> 1.0)
      rack-protection (= 2.0.5)
      sinatra (= 2.0.5)
      tilt (>= 1.3, < 3)
    slop (4.6.2)
    svg-graph (2.1.3)
    syncem (0.1.2)
    sys-proctable (1.2.1)
      ffi
    telebot (0.1.2)
      faraday
      faraday_middleware
      virtus
    telepost (0.3.2)
      telebot (= 0.1.2)
    temple (0.8.2)
    thin (1.7.2)
      daemons (~> 1.0, >= 1.0.9)
      eventmachine (~> 1.0, >= 1.0.4)
      rack (>= 1, < 3)
    thread_safe (0.3.6)
    threads (0.3.0)
      backtrace (~> 0)
      concurrent-ruby (~> 1.0)
    tilt (2.0.10)
    total (0.3.0)
    typhoeus (1.3.1)
      ethon (>= 0.9.0)
    tzinfo (2.0.4)
      concurrent-ruby (~> 1.0)
    unicode-display_width (1.7.0)
    upwork-api (1.3.2)
      oauth (>= 0.4.7)
    usagewatch (0.0.7)
    usagewatch_ext (0.2.1)
      usagewatch (~> 0.0.6)
    virtus (1.0.5)
      axiom-types (~> 0.1)
      coercible (~> 1.0)
      descendants_tracker (~> 0.0, >= 0.0.3)
      equalizer (~> 0.0, >= 0.0.9)
    webmock (3.6.0)
      addressable (>= 2.3.6)
      crack (>= 0.3.2)
      hashdiff (>= 0.4.0, < 2.0.0)
    xcop (0.6)
      differ (~> 0.1.2)
      nokogiri (~> 1.8)
      rainbow (~> 3.0)
      slop (~> 4.4)
    xml-simple (1.1.8)
    zache (0.12.0)
    zeitwerk (2.4.2)
    zold (0.29.33)
      backtrace (>= 0.3)
      concurrent-ruby (= 1.1.5)
      diffy (= 3.3.0)
      futex (>= 0.8.5)
      get_process_mem (~> 0.2)
      haml (= 5.0.4)
      json (= 2.2.0)
      memory_profiler (= 0.9.13)
      mimic (= 0.4.4)
      openssl (= 2.1.2)
      rainbow (= 3.0.0)
      semantic (= 1.6.1)
      sinatra (= 2.0.5)
      slop (= 4.6.2)
      sys-proctable (= 1.2.1)
      thin (= 1.7.2)
      threads (>= 0.3)
      total (>= 0.3)
      typhoeus (= 1.3.1)
      usagewatch_ext (= 0.2.1)
      zache (>= 0.12)
      zold-score (= 0.4.6)
    zold-score (0.4.6)

PLATFORMS
  ruby
  x86_64-darwin-16
  x86_64-darwin-17
  x86_64-darwin-18
  x86_64-darwin-19

DEPENDENCIES
  active_paypal_adaptive_payment (= 0.3.16)
  aws-sdk-s3 (= 1.43.0)
  aws-sdk-sns (= 1.17.0)
  backports (= 3.15.0)
  backtrace (= 0.3.0)
  bitcoin-ruby (= 0.0.19)
  codecov (= 0.2.8)
  coinbase (= 4.2.1)
  concurrent-ruby (>= 1.1)
  eslintrb (= 2.1.0)
  futex (= 0.8.6)
  geoplugin (= 0.3.1)
  get_process_mem (~> 0.2)
  glogin (= 0.5.1)
  haml (= 5.0.4)
  iri (= 0.5.0)
  minitest (= 5.11.3)
  minitest-reporters (= 1.3.6)
  obk (= 0.1.0)
  octokit (= 4.14.0)
  paypal-sdk-rest (= 1.7.3)
  pgtk (= 0.7.5)
  rack (= 2.2.3)
  rack-ssl (= 1.4.1)
  rack-test (= 1.1.0)
  rack_csrf (= 2.6.0)
  rake (= 12.3.3)
  random-port (= 0.4.1)
  rerun (= 0.13.0)
  retriable (= 3.1.2)
  retriable_proxy (= 1.0.2)
  rubocop (= 1.5.0)
  rubocop-minitest (= 0.10.3)
  rubocop-rake (= 0.5.1)
  rubocop-rspec (= 1.33.0)
  sass (= 3.7.4)
  sentry-raven (= 2.9.0)
  sibit (= 0.21.8)
  sinatra (= 2.0.5)
  sinatra-contrib (= 2.0.5)
  svg-graph (= 2.1.3)
  syncem (= 0.1.2)
  telebot (= 0.1.2)
  telepost (>= 0.3.1)
  thin (= 1.7.2)
  total (>= 0.2.0)
  upwork-api (= 1.3.2)
  webmock (= 3.6.0)
  xcop (= 0.6)
  zache (>= 0.12.0)
  zold (= 0.29.33)

RUBY VERSION
   ruby 2.6.0p0

BUNDLED WITH
   1.17.3
