GEM
  remote: https://rubygems.org/
  specs:
    active_paypal_adaptive_payment (0.3.16)
      activemerchant (>= 1.5.1)
      hashie (>= 1.2.0)
      mocha (>= 0.10.0)
      money (>= 3.6.0)
      multi_json (>= 1.0.0)
    activemerchant (1.133.0)
      activesupport (>= 4.2)
      builder (>= 2.1.2, < 4.0.0)
      i18n (>= 0.6.9)
      nokogiri (~> 1.4)
      rexml (~> 3.2.5)
    activesupport (7.1.3.4)
      base64
      bigdecimal
      concurrent-ruby (~> 1.0, >= 1.0.2)
      connection_pool (>= 2.2.5)
      drb
      i18n (>= 1.6, < 2)
      minitest (>= 5.1)
      mutex_m
      tzinfo (~> 2.0)
    addressable (2.8.7)
      public_suffix (>= 2.0.2, < 7.0)
    ansi (1.5.0)
    ast (2.4.2)
    aws-eventstream (1.3.0)
    aws-partitions (1.957.0)
    aws-sdk-core (3.201.2)
      aws-eventstream (~> 1, >= 1.3.0)
      aws-partitions (~> 1, >= 1.651.0)
      aws-sigv4 (~> 1.8)
      jmespath (~> 1, >= 1.6.1)
    aws-sdk-kms (1.88.0)
      aws-sdk-core (~> 3, >= 3.201.0)
      aws-sigv4 (~> 1.5)
    aws-sdk-s3 (1.156.0)
      aws-sdk-core (~> 3, >= 3.201.0)
      aws-sdk-kms (~> 1)
      aws-sigv4 (~> 1.5)
    aws-sdk-sns (1.81.0)
      aws-sdk-core (~> 3, >= 3.201.0)
      aws-sigv4 (~> 1.5)
    aws-sigv4 (1.8.0)
      aws-eventstream (~> 1, >= 1.0.2)
    axiom-types (0.1.1)
      descendants_tracker (~> 0.0.4)
      ice_nine (~> 0.11.0)
      thread_safe (~> 0.3, >= 0.3.1)
    backports (3.25.0)
    backtrace (0.4.0)
    base58 (0.2.3)
    base64 (0.2.0)
    bigdecimal (3.1.8)
    bitcoin-ruby (0.0.20)
      eventmachine
      ffi
      scrypt
    builder (3.3.0)
    coercible (1.0.0)
      descendants_tracker (~> 0.0.1)
    coinbase (4.2.3)
    concurrent-ruby (1.3.3)
    connection_pool (2.4.1)
    crack (1.0.0)
      bigdecimal
      rexml
    daemons (1.4.1)
    descendants_tracker (0.0.4)
      thread_safe (~> 0.3, >= 0.3.1)
    differ (0.1.2)
    diffy (3.4.2)
    docile (1.4.0)
    drb (2.2.1)
    eslintrb (2.1.0)
      execjs
      multi_json (>= 1.3)
      rake
    ethon (0.16.0)
      ffi (>= 1.15.0)
    eventmachine (1.2.7)
    execjs (2.9.1)
    faraday (1.10.3)
      faraday-em_http (~> 1.0)
      faraday-em_synchrony (~> 1.0)
      faraday-excon (~> 1.1)
      faraday-httpclient (~> 1.0)
      faraday-multipart (~> 1.0)
      faraday-net_http (~> 1.0)
      faraday-net_http_persistent (~> 1.0)
      faraday-patron (~> 1.0)
      faraday-rack (~> 1.0)
      faraday-retry (~> 1.0)
      ruby2_keywords (>= 0.0.4)
    faraday-em_http (1.0.0)
    faraday-em_synchrony (1.0.0)
    faraday-excon (1.1.0)
    faraday-httpclient (1.0.1)
    faraday-multipart (1.0.4)
      multipart-post (~> 2)
    faraday-net_http (1.0.1)
    faraday-net_http_persistent (1.2.0)
    faraday-patron (1.0.0)
    faraday-rack (1.0.0)
    faraday-retry (1.0.3)
    faraday_middleware (1.2.0)
      faraday (~> 1.0)
    ffi (1.17.0)
    ffi (1.17.0-arm64-darwin)
    ffi (1.17.0-x86_64-darwin)
    ffi (1.17.0-x86_64-linux-gnu)
    ffi-compiler (1.3.2)
      ffi (>= 1.15.5)
      rake
    futex (0.8.6)
    geoplugin (0.3.1)
      faraday
      ipaddress
      json
    get_process_mem (0.2.7)
      ffi (~> 1.0)
    glogin (0.16.4)
      base58 (>= 0.2)
      openssl (>= 2.0)
    haml (5.2.2)
      temple (>= 0.8.0)
      tilt
    hashdiff (1.1.0)
    hashie (5.0.0)
    i18n (1.14.5)
      concurrent-ruby (~> 1.0)
    ice_nine (0.11.2)
    ipaddr (1.2.6)
    ipaddress (0.8.3)
    iri (0.8.0)
    jmespath (1.6.2)
    json (2.7.2)
    language_server-protocol (3.17.0.3)
    listen (3.9.0)
      rb-fsevent (~> 0.10, >= 0.10.3)
      rb-inotify (~> 0.9, >= 0.9.10)
    loog (0.5.2)
    memory_profiler (1.0.2)
    mimic (0.4.4)
      json
      plist (~> 3.1.0)
      rack
      sinatra
      thin
    mini_portile2 (2.8.7)
    minitest (5.24.1)
    minitest-reporters (1.7.1)
      ansi
      builder
      minitest (>= 5.0)
      ruby-progressbar
    mocha (2.4.2)
      ruby2_keywords (>= 0.0.5)
    money (6.19.0)
      i18n (>= 0.6.4, <= 2)
    multi_json (1.15.0)
    multipart-post (2.4.1)
    mustermann (3.0.0)
      ruby2_keywords (~> 0.0.1)
    mutex_m (0.2.0)
    nokogiri (1.16.6)
      mini_portile2 (~> 2.8.2)
      racc (~> 1.4)
    nokogiri (1.16.6-arm64-darwin)
      racc (~> 1.4)
    nokogiri (1.16.6-x86_64-darwin)
      racc (~> 1.4)
    nokogiri (1.16.6-x86_64-linux)
      racc (~> 1.4)
    oauth (1.1.0)
      oauth-tty (~> 1.0, >= 1.0.1)
      snaky_hash (~> 2.0)
      version_gem (~> 1.1)
    oauth-tty (1.0.5)
      version_gem (~> 1.1, >= 1.1.1)
    obk (0.3.1)
    octokit (9.1.0)
      faraday (>= 1, < 3)
      sawyer (~> 0.9)
    openssl (2.2.3)
      ipaddr
    parallel (1.25.1)
    parser (3.3.4.0)
      ast (~> 2.4.1)
      racc
    paypal-sdk-rest (1.7.5)
      multi_json (~> 1.0)
      xml-simple
    pg (1.5.6)
    pgtk (0.9.5)
      backtrace (~> 0.3)
      loog (~> 0.2)
      pg (~> 1.1)
      random-port (~> 0.3)
    plist (3.1.0)
    public_suffix (6.0.0)
    racc (1.8.0)
    rack (2.2.8)
    rack-protection (3.2.0)
      base64 (>= 0.1.0)
      rack (~> 2.2, >= 2.2.4)
    rack-ssl (1.4.1)
      rack
    rack-test (2.0.2)
      rack (>= 1.3)
    rack_csrf (2.7.0)
      rack (>= 1.1.0)
    rainbow (3.1.1)
    rake (13.2.1)
    random-port (0.7.1)
    rb-fsevent (0.11.2)
    rb-inotify (0.11.1)
      ffi (~> 1.0)
    regexp_parser (2.9.2)
    rerun (0.14.0)
      listen (~> 3.0)
    retriable (3.1.2)
    retriable_proxy (1.0.2)
      retriable (>= 2.0, < 4.0)
    rexml (3.2.9)
      strscan
    rubocop (1.65.0)
      json (~> 2.3)
      language_server-protocol (>= 3.17.0)
      parallel (~> 1.10)
      parser (>= 3.3.0.2)
      rainbow (>= 2.2.2, < 4.0)
      regexp_parser (>= 2.4, < 3.0)
      rexml (>= 3.2.5, < 4.0)
      rubocop-ast (>= 1.31.1, < 2.0)
      ruby-progressbar (~> 1.7)
      unicode-display_width (>= 2.4.0, < 3.0)
    rubocop-ast (1.31.3)
      parser (>= 3.3.1.0)
    rubocop-minitest (0.35.1)
      rubocop (>= 1.61, < 2.0)
      rubocop-ast (>= 1.31.1, < 2.0)
    rubocop-performance (1.23.1)
      rubocop (>= 1.48.1, < 2.0)
      rubocop-ast (>= 1.31.1, < 2.0)
    rubocop-rake (0.6.0)
      rubocop (~> 1.0)
    rubocop-rspec (3.0.3)
      rubocop (~> 1.61)
    ruby-progressbar (1.13.0)
    ruby2_keywords (0.0.5)
    sass (3.7.4)
      sass-listen (~> 4.0.0)
    sass-listen (4.0.0)
      rb-fsevent (~> 0.9, >= 0.9.4)
      rb-inotify (~> 0.9, >= 0.9.7)
    sawyer (0.9.2)
      addressable (>= 2.3.5)
      faraday (>= 0.17.3, < 3)
    scrypt (3.0.8)
      ffi-compiler (>= 1.0, < 2.0)
      rake (>= 9, < 14)
    semantic (1.6.1)
    sentry-raven (3.1.2)
      faraday (>= 1.0)
    sibit (0.25.1)
      backtrace (~> 0.3)
      bitcoin-ruby (= 0.0.20)
      iri (~> 0.5)
      json (~> 2)
      openssl (~> 2.0)
      retriable_proxy (~> 1.0)
      slop (~> 4.6)
    simplecov (0.22.0)
      docile (~> 1.1)
      simplecov-html (~> 0.11)
      simplecov_json_formatter (~> 0.1)
    simplecov-html (0.12.3)
    simplecov_json_formatter (0.1.4)
    sinatra (3.2.0)
      mustermann (~> 3.0)
      rack (~> 2.2, >= 2.2.4)
      rack-protection (= 3.2.0)
      tilt (~> 2.0)
    sinatra-contrib (3.2.0)
      multi_json (>= 0.0.2)
      mustermann (~> 3.0)
      rack-protection (= 3.2.0)
      sinatra (= 3.2.0)
      tilt (~> 2.0)
    slop (4.10.1)
    snaky_hash (2.0.1)
      hashie
      version_gem (~> 1.1, >= 1.1.1)
    strscan (3.1.0)
    svg-graph (2.2.2)
    syncem (0.2.0)
    sys-proctable (1.3.0)
      ffi (~> 1.1)
    telebot (0.1.2)
      faraday
      faraday_middleware
      virtus
    telepost (0.4.0)
      telebot (= 0.1.2)
    temple (0.10.3)
    thin (1.8.2)
      daemons (~> 1.0, >= 1.0.9)
      eventmachine (~> 1.0, >= 1.0.4)
      rack (>= 1, < 3)
    thread_safe (0.3.6)
    threads (0.4.0)
      backtrace (~> 0)
      concurrent-ruby (~> 1.0)
    tilt (2.4.0)
    total (0.4.1)
    typhoeus (1.4.1)
      ethon (>= 0.9.0)
    tzinfo (2.0.6)
      concurrent-ruby (~> 1.0)
    unicode-display_width (2.5.0)
    upwork-api (1.3.5)
      oauth (>= 0.4.7)
    usagewatch (0.0.7)
    usagewatch_ext (0.2.1)
      usagewatch (~> 0.0.6)
    version_gem (1.1.4)
    virtus (2.0.0)
      axiom-types (~> 0.1)
      coercible (~> 1.0)
      descendants_tracker (~> 0.0, >= 0.0.3)
    webmock (3.23.1)
      addressable (>= 2.8.0)
      crack (>= 0.3.2)
      hashdiff (>= 0.4.0, < 2.0.0)
    xcop (0.7.1)
      differ (~> 0.1.2)
      nokogiri (~> 1.10)
      rainbow (~> 3.0)
      slop (~> 4.4)
    xml-simple (1.1.9)
      rexml
    zache (0.13.2)
    zold (0.31.8)
      backtrace (~> 0.3)
      concurrent-ruby (~> 1.1)
      diffy (~> 3.3)
      futex (~> 0.8)
      get_process_mem (~> 0.2)
      haml (~> 5.0)
      json (~> 2.2)
      memory_profiler (~> 1.0)
      mimic (~> 0.4)
      openssl (>= 1.0)
      rainbow (~> 3.0)
      semantic (~> 1.6)
      sinatra (~> 3.0)
      slop (~> 4.6)
      sys-proctable (~> 1.2)
      thin (~> 1.7)
      threads (~> 0.3)
      total (~> 0.3)
      typhoeus (~> 1.3)
      usagewatch_ext (~> 0.2)
      zache (~> 0.12)
      zold-score (~> 0.5)
    zold-score (0.5.0)

PLATFORMS
  arm64-darwin-23
  ruby
  x86_64-darwin-16
  x86_64-darwin-17
  x86_64-darwin-18
  x86_64-darwin-19
  x86_64-linux

DEPENDENCIES
  active_paypal_adaptive_payment (= 0.3.16)
  aws-sdk-s3 (= 1.156.0)
  aws-sdk-sns (= 1.81.0)
  backports (~> 3.25)
  backtrace (~> 0)
  bitcoin-ruby (~> 0.0.19)
  coinbase (~> 4.2)
  concurrent-ruby (>= 1.1)
  eslintrb (= 2.1.0)
  futex (~> 0)
  geoplugin (= 0.3.1)
  get_process_mem (~> 0.2)
  glogin (~> 0)
  haml (= 5.2.2)
  iri (~> 0)
  minitest (~> 5.24)
  minitest-reporters (~> 1.6)
  obk (~> 0)
  octokit (~> 9.1)
  paypal-sdk-rest (= 1.7.5)
  pgtk (~> 0)
  rack (= 2.2.8)
  rack-ssl (= 1.4.1)
  rack-test (= 2.0.2)
  rack_csrf (= 2.7.0)
  rake (= 13.2.1)
  random-port (= 0.7.1)
  rerun (= 0.14.0)
  retriable (= 3.1.2)
  retriable_proxy (= 1.0.2)
  rubocop (= 1.65.0)
  rubocop-minitest (= 0.35.1)
  rubocop-performance (> 0)
  rubocop-rake (= 0.6.0)
  rubocop-rspec (= 3.0.3)
  sass (= 3.7.4)
  sentry-raven (= 3.1.2)
  sibit (= 0.25.1)
  simplecov (= 0.22.0)
  sinatra (~> 3.0)
  sinatra-contrib (~> 3.0)
  svg-graph (= 2.2.2)
  syncem (~> 0)
  telebot (~> 0)
  telepost (>= 0.3.1)
  thin (= 1.8.2)
  total (~> 0)
  upwork-api (= 1.3.5)
  webmock (~> 3.23)
  xcop (~> 0)
  zache (~> 0)
  zold (= 0.31.8)

RUBY VERSION
   ruby 3.2.1p31

BUNDLED WITH
   2.5.16
