GEM
  remote: https://rubygems.org/
  specs:
    active_paypal_adaptive_payment (0.3.16)
      activemerchant (>= 1.5.1)
      hashie (>= 1.2.0)
      mocha (>= 0.10.0)
      money (>= 3.6.0)
      multi_json (>= 1.0.0)
    activemerchant (1.126.0)
      activesupport (>= 4.2)
      builder (>= 2.1.2, < 4.0.0)
      i18n (>= 0.6.9)
      nokogiri (~> 1.4)
    activesupport (7.0.4.1)
      concurrent-ruby (~> 1.0, >= 1.0.2)
      i18n (>= 1.6, < 2)
      minitest (>= 5.1)
      tzinfo (~> 2.0)
    addressable (2.8.1)
      public_suffix (>= 2.0.2, < 6.0)
    ansi (1.5.0)
    ast (2.4.2)
    aws-eventstream (1.2.0)
    aws-partitions (1.670.0)
    aws-sdk-core (3.168.3)
      aws-eventstream (~> 1, >= 1.0.2)
      aws-partitions (~> 1, >= 1.651.0)
      aws-sigv4 (~> 1.5)
      jmespath (~> 1, >= 1.6.1)
    aws-sdk-kms (1.60.0)
      aws-sdk-core (~> 3, >= 3.165.0)
      aws-sigv4 (~> 1.1)
    aws-sdk-s3 (1.114.0)
      aws-sdk-core (~> 3, >= 3.127.0)
      aws-sdk-kms (~> 1)
      aws-sigv4 (~> 1.4)
    aws-sdk-sns (1.55.0)
      aws-sdk-core (~> 3, >= 3.127.0)
      aws-sigv4 (~> 1.1)
    aws-sigv4 (1.5.2)
      aws-eventstream (~> 1, >= 1.0.2)
    axiom-types (0.1.1)
      descendants_tracker (~> 0.0.4)
      ice_nine (~> 0.11.0)
      thread_safe (~> 0.3, >= 0.3.1)
    backports (3.23.0)
    backtrace (0.3.0)
    bitcoin-ruby (0.0.20)
      eventmachine
      ffi
      scrypt
    builder (3.2.4)
    codecov (0.6.0)
      simplecov (>= 0.15, < 0.22)
    coercible (1.0.0)
      descendants_tracker (~> 0.0.1)
    coinbase (4.2.2)
    concurrent-ruby (1.1.10)
    crack (0.4.5)
      rexml
    daemons (1.4.1)
    descendants_tracker (0.0.4)
      thread_safe (~> 0.3, >= 0.3.1)
    differ (0.1.2)
    diffy (3.4.2)
    docile (1.4.0)
    eslintrb (2.1.0)
      execjs
      multi_json (>= 1.3)
      rake
    ethon (0.16.0)
      ffi (>= 1.15.0)
    eventmachine (1.2.7)
    execjs (2.8.1)
    faraday (1.10.2)
      faraday-em_http (~> 1.0)
      faraday-em_synchrony (~> 1.0)
      faraday-excon (~> 1.1)
      faraday-httpclient (~> 1.0)
      faraday-multipart (~> 1.0)
      faraday-net_http (~> 1.0)
      faraday-net_http_persistent (~> 1.0)
      faraday-patron (~> 1.0)
      faraday-rack (~> 1.0)
      faraday-retry (~> 1.0)
      ruby2_keywords (>= 0.0.4)
    faraday-em_http (1.0.0)
    faraday-em_synchrony (1.0.0)
    faraday-excon (1.1.0)
    faraday-httpclient (1.0.1)
    faraday-multipart (1.0.4)
      multipart-post (~> 2)
    faraday-net_http (1.0.1)
    faraday-net_http_persistent (1.2.0)
    faraday-patron (1.0.0)
    faraday-rack (1.0.0)
    faraday-retry (1.0.3)
    faraday_middleware (1.2.0)
      faraday (~> 1.0)
    ffi (1.15.5)
    ffi-compiler (1.0.1)
      ffi (>= 1.0.0)
      rake
    futex (0.8.6)
    geoplugin (0.3.1)
      faraday
      ipaddress
      json
    get_process_mem (0.2.7)
      ffi (~> 1.0)
    glogin (0.5.1)
    haml (5.0.4)
      temple (>= 0.8.0)
      tilt
    hashdiff (1.0.1)
    hashie (5.0.0)
    i18n (1.12.0)
      concurrent-ruby (~> 1.0)
    ice_nine (0.11.2)
    ipaddr (1.2.5)
    ipaddress (0.8.3)
    iri (0.5.1)
    jmespath (1.6.2)
    json (2.6.3)
    listen (3.7.1)
      rb-fsevent (~> 0.10, >= 0.10.3)
      rb-inotify (~> 0.9, >= 0.9.10)
    loog (0.2.1)
    memory_profiler (0.9.14)
    mimic (0.4.4)
      json
      plist (~> 3.1.0)
      rack
      sinatra
      thin
    mini_portile2 (2.8.0)
    minitest (5.11.3)
    minitest-reporters (1.3.6)
      ansi
      builder
      minitest (>= 5.0)
      ruby-progressbar
    mocha (2.0.2)
      ruby2_keywords (>= 0.0.5)
    money (6.16.0)
      i18n (>= 0.6.4, <= 2)
    multi_json (1.15.0)
    multipart-post (2.2.3)
    mustermann (2.0.2)
      ruby2_keywords (~> 0.0.1)
    nokogiri (1.13.9)
      mini_portile2 (~> 2.8.0)
      racc (~> 1.4)
    nokogiri (1.13.9-x86_64-darwin)
      racc (~> 1.4)
    oauth (1.1.0)
      oauth-tty (~> 1.0, >= 1.0.1)
      snaky_hash (~> 2.0)
      version_gem (~> 1.1)
    oauth-tty (1.0.5)
      version_gem (~> 1.1, >= 1.1.1)
    obk (0.3.0)
    octokit (5.6.1)
      faraday (>= 1, < 3)
      sawyer (~> 0.9)
    openssl (2.2.2)
      ipaddr
    parallel (1.22.1)
    parser (3.1.3.0)
      ast (~> 2.4.1)
    paypal-sdk-rest (1.7.3)
      multi_json (~> 1.0)
      xml-simple
    pg (1.4.5)
    pgtk (0.7.5)
      backtrace (~> 0.3)
      loog (~> 0.2)
      pg (~> 1.1)
      random-port (~> 0.3)
    plist (3.1.0)
    public_suffix (5.0.0)
    racc (1.6.1)
    rack (2.2.3)
    rack-protection (2.2.2)
      rack
    rack-ssl (1.4.1)
      rack
    rack-test (2.0.2)
      rack (>= 1.3)
    rack_csrf (2.7.0)
      rack (>= 1.1.0)
    rainbow (3.1.1)
    rake (13.0.6)
    random-port (0.5.1)
    rb-fsevent (0.11.2)
    rb-inotify (0.10.1)
      ffi (~> 1.0)
    regexp_parser (2.6.1)
    rerun (0.13.1)
      listen (~> 3.0)
    retriable (3.1.2)
    retriable_proxy (1.0.2)
      retriable (>= 2.0, < 4.0)
    rexml (3.2.5)
    rubocop (1.36.0)
      json (~> 2.3)
      parallel (~> 1.10)
      parser (>= 3.1.2.1)
      rainbow (>= 2.2.2, < 4.0)
      regexp_parser (>= 1.8, < 3.0)
      rexml (>= 3.2.5, < 4.0)
      rubocop-ast (>= 1.20.1, < 2.0)
      ruby-progressbar (~> 1.7)
      unicode-display_width (>= 1.4.0, < 3.0)
    rubocop-ast (1.24.0)
      parser (>= 3.1.1.0)
    rubocop-minitest (0.22.1)
      rubocop (>= 0.90, < 2.0)
    rubocop-rake (0.6.0)
      rubocop (~> 1.0)
    rubocop-rspec (2.13.2)
      rubocop (~> 1.33)
    ruby-progressbar (1.11.0)
    ruby2_keywords (0.0.5)
    sass (3.7.4)
      sass-listen (~> 4.0.0)
    sass-listen (4.0.0)
      rb-fsevent (~> 0.9, >= 0.9.4)
      rb-inotify (~> 0.9, >= 0.9.7)
    sawyer (0.9.2)
      addressable (>= 2.3.5)
      faraday (>= 0.17.3, < 3)
    scrypt (3.0.7)
      ffi-compiler (>= 1.0, < 2.0)
    semantic (1.6.1)
    sentry-raven (3.1.2)
      faraday (>= 1.0)
    sibit (0.22.0)
      backtrace (~> 0.3)
      bitcoin-ruby (= 0.0.20)
      iri (~> 0.5)
      json (~> 2)
      retriable_proxy (~> 1.0)
      slop (~> 4.6)
    simplecov (0.21.2)
      docile (~> 1.1)
      simplecov-html (~> 0.11)
      simplecov_json_formatter (~> 0.1)
    simplecov-html (0.12.3)
    simplecov_json_formatter (0.1.4)
    sinatra (2.2.2)
      mustermann (~> 2.0)
      rack (~> 2.2)
      rack-protection (= 2.2.2)
      tilt (~> 2.0)
    sinatra-contrib (2.2.2)
      multi_json
      mustermann (~> 2.0)
      rack-protection (= 2.2.2)
      sinatra (= 2.2.2)
      tilt (~> 2.0)
    slop (4.9.3)
    snaky_hash (2.0.1)
      hashie
      version_gem (~> 1.1, >= 1.1.1)
    svg-graph (2.1.3)
    syncem (0.1.2)
    sys-proctable (1.2.7)
      ffi (~> 1.1)
    telebot (0.1.2)
      faraday
      faraday_middleware
      virtus
    telepost (0.3.2)
      telebot (= 0.1.2)
    temple (0.9.1)
    thin (1.8.1)
      daemons (~> 1.0, >= 1.0.9)
      eventmachine (~> 1.0, >= 1.0.4)
      rack (>= 1, < 3)
    thread_safe (0.3.6)
    threads (0.3.0)
      backtrace (~> 0)
      concurrent-ruby (~> 1.0)
    tilt (2.0.11)
    total (0.3.0)
    typhoeus (1.4.0)
      ethon (>= 0.9.0)
    tzinfo (2.0.5)
      concurrent-ruby (~> 1.0)
    unicode-display_width (2.3.0)
    upwork-api (1.3.5)
      oauth (>= 0.4.7)
    usagewatch (0.0.7)
    usagewatch_ext (0.2.1)
      usagewatch (~> 0.0.6)
    version_gem (1.1.1)
    virtus (2.0.0)
      axiom-types (~> 0.1)
      coercible (~> 1.0)
      descendants_tracker (~> 0.0, >= 0.0.3)
    webmock (3.18.1)
      addressable (>= 2.8.0)
      crack (>= 0.3.2)
      hashdiff (>= 0.4.0, < 2.0.0)
    xcop (0.7.1)
      differ (~> 0.1.2)
      nokogiri (~> 1.10)
      rainbow (~> 3.0)
      slop (~> 4.4)
    xml-simple (1.1.9)
      rexml
    zache (0.12.0)
    zold (0.31.4)
      backtrace (>= 0.3)
      concurrent-ruby (~> 1.1)
      diffy (~> 3.3)
      futex (>= 0.8.5)
      get_process_mem (~> 0.2)
      haml (~> 5.0)
      json (~> 2.2)
      memory_profiler (~> 0.9)
      mimic (~> 0.4)
      openssl (~> 2.1)
      rainbow (~> 3.0)
      semantic (~> 1.6)
      sinatra (~> 2.0)
      slop (~> 4.6)
      sys-proctable (~> 1.2)
      thin (~> 1.7)
      threads (>= 0.3)
      total (>= 0.3)
      typhoeus (~> 1.3)
      usagewatch_ext (~> 0.2)
      zache (>= 0.12)
      zold-score (~> 0.4)
    zold-score (0.4.6)

PLATFORMS
  ruby
  x86_64-darwin-16
  x86_64-darwin-17
  x86_64-darwin-18
  x86_64-darwin-19

DEPENDENCIES
  active_paypal_adaptive_payment (= 0.3.16)
  aws-sdk-s3 (= 1.114.0)
  aws-sdk-sns (= 1.55.0)
  backports (= 3.23.0)
  backtrace (= 0.3.0)
  bitcoin-ruby (~> 0.0.19)
  codecov (= 0.6.0)
  coinbase (= 4.2.2)
  concurrent-ruby (>= 1.1)
  eslintrb (= 2.1.0)
  futex (= 0.8.6)
  geoplugin (= 0.3.1)
  get_process_mem (~> 0.2)
  glogin (= 0.5.1)
  haml (= 5.0.4)
  iri (= 0.5.1)
  minitest (= 5.11.3)
  minitest-reporters (= 1.3.6)
  obk (= 0.3.0)
  octokit (= 5.6.1)
  paypal-sdk-rest (= 1.7.3)
  pgtk (= 0.7.5)
  rack (= 2.2.3)
  rack-ssl (= 1.4.1)
  rack-test (= 2.0.2)
  rack_csrf (= 2.7.0)
  rake (= 13.0.6)
  random-port (= 0.5.1)
  rerun (= 0.13.1)
  retriable (= 3.1.2)
  retriable_proxy (= 1.0.2)
  rubocop (= 1.36.0)
  rubocop-minitest (= 0.22.1)
  rubocop-rake (= 0.6.0)
  rubocop-rspec (= 2.13.2)
  sass (= 3.7.4)
  sentry-raven (= 3.1.2)
  sibit (= 0.22.0)
  sinatra (= 2.2.2)
  sinatra-contrib (= 2.2.2)
  svg-graph (= 2.1.3)
  syncem (= 0.1.2)
  telebot (= 0.1.2)
  telepost (>= 0.3.1)
  thin (= 1.8.1)
  total (>= 0.2.0)
  upwork-api (= 1.3.5)
  webmock (= 3.18.1)
  xcop (= 0.7.1)
  zache (>= 0.12.0)
  zold (= 0.31.4)

BUNDLED WITH
   2.3.17
